GEM
  remote: https://rubygems.org/
  specs:
    aws-sdk (1.41.0)
      json (~> 1.4)
      nokogiri (>= 1.4.4)
    dropbox-sdk (1.6.4)
      json
    json (1.8.1)
    macaddr (1.7.1)
      systemu (~> 2.6.2)
    mini_portile (0.6.0)
    nokogiri (1.6.2.1)
      mini_portile (= 0.6.0)
    systemu (2.6.4)
    uuid (2.3.7)
      macaddr (~> 1.0)

PLATFORMS
  ruby

DEPENDENCIES
  aws-sdk
  dropbox-sdk
  uuid
